GIT
  remote: https://github.com/4r2r/opal-sprockets.git
  revision: fd0c67a4f078d771d70220281ff3ecb0db6f8822
  ref: fd0c67a4f078d771d70220281ff3ecb0db6f8822
  specs:
    opal-sprockets (0.3.0)
      opal
      sprockets

GIT
  remote: https://github.com/opal/opal-browser.git
  revision: 8b2545acacaaaa59edf55cf1fe4e093cc19491ec
  ref: 8b2545acacaaaa59edf55cf1fe4e093cc19491ec
  specs:
    opal-browser (0.1.0.beta1)
      opal (>= 0.5.5)
      paggio

GIT
  remote: https://github.com/opal/opal.git
  revision: aab1c344b58c6eeb91e527fca01e059a8d643065
  ref: aab1c344b58c6eeb91e527fca01e059a8d643065
  specs:
    opal (0.6.0)
      source_map
      sprockets

GEM
  remote: https://rubygems.org/
  specs:
    daemons (1.2.3)
    eventmachine (1.2.0.1)
    hike (1.2.3)
    json (2.0.1)
    multi_json (1.12.1)
    paggio (0.2.6)
    rack (1.5.2)
    source_map (3.0.1)
      json
    sprockets (2.10.1)
      hike (~> 1.2)
      multi_json (~> 1.0)
      rack (~> 1.0)
      tilt (~> 1.1, != 1.3.0)
    thin (1.7.0)
      daemons (~> 1.0, >= 1.0.9)
      eventmachine (~> 1.0, >= 1.0.4)
      rack (>= 1, < 3)
    tilt (1.4.1)

PLATFORMS
  ruby

DEPENDENCIES
  opal!
  opal-browser!
  opal-sprockets!
  rack (= 1.5.2)
  sprockets (= 2.10.1)
  thin

BUNDLED WITH
   1.12.5
